GEM
  remote: https://rubygems.org/
  specs:
    animate (0.2.beta.0)
      compass (>= 0.13.alpha.0)
      sass (>= 3.2.0)
    chunky_png (1.2.8)
    compass (0.13.alpha.4)
      chunky_png (~> 1.2)
      listen (<= 0.9.9)
      sass (~> 3.2.5)
    listen (0.7.3)
    sass (3.2.10)

PLATFORMS
  ruby

DEPENDENCIES
  animate (~> 0.2.beta.0)
